PATH
  remote: .
  specs:
    active_model-unvalidate (1.0.1)
      activemodel (> 4.0.0)
      activesupport (> 4.0.0)

GEM
  remote: https://rubygems.org/
  specs:
    activemodel (5.2.2)
      activesupport (= 5.2.2)
    activesupport (5.2.2)
      concurrent-ruby (~> 1.0, >= 1.0.2)
      i18n (>= 0.7, < 2)
      minitest (~> 5.1)
      tzinfo (~> 1.1)
    concurrent-ruby (1.1.4)
    i18n (1.5.1)
      concurrent-ruby (~> 1.0)
    minitest (5.11.3)
    rake (10.5.0)
    thread_safe (0.3.6)
    tzinfo (1.2.5)
      thread_safe (~> 0.1)

PLATFORMS
  ruby

DEPENDENCIES
  active_model-unvalidate!
  bundler (~> 1.16)
  minitest (~> 5.0)
  rake (~> 10.0)

BUNDLED WITH
   1.16.2
